GEM
  remote: https://rubygems.org/	  remote: https://rubygems.org/
  specs:	  specs:
    actionmailer (4.2.7.1)	    actionmailer (4.2.11.1)
      actionpack (= 4.2.7.1)	      actionpack (= 4.2.11.1)
      actionview (= 4.2.7.1)	      actionview (= 4.2.11.1)
      activejob (= 4.2.7.1)	      activejob (= 4.2.11.1)
      mail (~> 2.5, >= 2.5.4)	      mail (~> 2.5, >= 2.5.4)
      rails-dom-testing (~> 1.0, >= 1.0.5)	      rails-dom-testing (~> 1.0, >= 1.0.5)
    actionpack (4.2.7.1)	    actionpack (4.2.11.1)
      actionview (= 4.2.7.1)	      actionview (= 4.2.11.1)
      activesupport (= 4.2.7.1)	      activesupport (= 4.2.11.1)
      rack (~> 1.6)	      rack (~> 1.6)
      rack-test (~> 0.6.2)	      rack-test (~> 0.6.2)
      rails-dom-testing (~> 1.0, >= 1.0.5)	      rails-dom-testing (~> 1.0, >= 1.0.5)
      rails-html-sanitizer (~> 1.0, >= 1.0.2)	      rails-html-sanitizer (~> 1.0, >= 1.0.2)
    actionview (4.2.7.1)	    actionview (4.2.11.1)
      activesupport (= 4.2.7.1)	      activesupport (= 4.2.11.1)
      builder (~> 3.1)	      builder (~> 3.1)
      erubis (~> 2.7.0)	      erubis (~> 2.7.0)
      rails-dom-testing (~> 1.0, >= 1.0.5)	      rails-dom-testing (~> 1.0, >= 1.0.5)
      rails-html-sanitizer (~> 1.0, >= 1.0.2)	      rails-html-sanitizer (~> 1.0, >= 1.0.3)
    activejob (4.2.7.1)	    activejob (4.2.11.1)
      activesupport (= 4.2.7.1)	      activesupport (= 4.2.11.1)
      globalid (>= 0.3.0)	      globalid (>= 0.3.0)
    activemodel (4.2.7.1)	    activemodel (4.2.11.1)
      activesupport (= 4.2.7.1)	      activesupport (= 4.2.11.1)
      builder (~> 3.1)	      builder (~> 3.1)
    activerecord (4.2.7.1)	    activerecord (4.2.11.1)
      activemodel (= 4.2.7.1)	      activemodel (= 4.2.11.1)
      activesupport (= 4.2.7.1)	      activesupport (= 4.2.11.1)
      arel (~> 6.0)	      arel (~> 6.0)
    activesupport (4.2.7.1)	    activesupport (4.2.11.1)
      i18n (~> 0.7)	      i18n (~> 0.7)
      json (~> 1.7, >= 1.7.7)	
      minitest (~> 5.1)	      minitest (~> 5.1)
      thread_safe (~> 0.3, >= 0.3.4)	      thread_safe (~> 0.3, >= 0.3.4)
      tzinfo (~> 1.1)	      tzinfo (~> 1.1)
    addressable (2.5.2)	    addressable (2.7.0)
      public_suffix (>= 2.0.2, < 4.0)	      public_suffix (>= 2.0.2, < 5.0)
    arel (6.0.4)	    arel (6.0.4)
    better_errors (2.4.0)	    better_errors (2.5.1)
      coderay (>= 1.0.0)	      coderay (>= 1.0.0)
      erubi (>= 1.0.0)	      erubi (>= 1.0.0)
      rack (>= 0.9.0)	      rack (>= 0.9.0)
    binding_of_caller (0.7.3)	    binding_of_caller (0.8.0)
      debug_inspector (>= 0.0.1)	      debug_inspector (>= 0.0.1)
    builder (3.2.3)	    builder (3.2.3)
    capybara (2.16.1)	    capybara (3.29.0)
      addressable	      addressable
      mini_mime (>= 0.1.3)	      mini_mime (>= 0.1.3)
      nokogiri (>= 1.3.3)	      nokogiri (~> 1.8)
      rack (>= 1.0.0)	      rack (>= 1.6.0)
      rack-test (>= 0.5.4)	      rack-test (>= 0.6.3)
      xpath (~> 2.0)	      regexp_parser (~> 1.5)
    childprocess (0.8.0)	      xpath (~> 3.2)
      ffi (~> 1.0, >= 1.0.11)	    childprocess (3.0.0)
    coderay (1.1.2)	    coderay (1.1.2)
    coffee-rails (4.0.1)	    coffee-rails (4.0.1)
      coffee-script (>= 2.2.0)	      coffee-script (>= 2.2.0)
@@ -63,95 +62,94 @@ GEM
      coffee-script-source	      coffee-script-source
      execjs	      execjs
    coffee-script-source (1.12.2)	    coffee-script-source (1.12.2)
    concurrent-ruby (1.0.5)	    concurrent-ruby (1.1.5)
    crass (1.0.3)	    crass (1.0.5)
    database_cleaner (1.6.2)	    database_cleaner (1.7.0)
    debug_inspector (0.0.3)	    debug_inspector (0.0.3)
    diff-lcs (1.3)	    diff-lcs (1.3)
    docile (1.1.5)	    docile (1.3.2)
    erubi (1.7.0)	    erubi (1.9.0)
    erubis (2.7.0)	    erubis (2.7.0)
    execjs (2.7.0)	    execjs (2.7.0)
    ffi (1.9.18)	    globalid (0.4.2)
    globalid (0.4.1)	
      activesupport (>= 4.2.0)	      activesupport (>= 4.2.0)
    hike (1.2.3)	    hike (1.2.3)
    i18n (0.9.1)	    i18n (0.9.5)
      concurrent-ruby (~> 1.0)	      concurrent-ruby (~> 1.0)
    jbuilder (2.7.0)	    jbuilder (2.9.1)
      activesupport (>= 4.2.0)	      activesupport (>= 4.2.0)
      multi_json (>= 1.2)	    jquery-rails (4.3.5)
    jquery-rails (4.3.1)	
      rails-dom-testing (>= 1, < 3)	      rails-dom-testing (>= 1, < 3)
      railties (>= 4.2.0)	      railties (>= 4.2.0)
      thor (>= 0.14, < 2.0)	      thor (>= 0.14, < 2.0)
    json (1.8.6)	    json (1.8.6)
    loofah (2.1.1)	    loofah (2.3.1)
      crass (~> 1.0.2)	      crass (~> 1.0.2)
      nokogiri (>= 1.5.9)	      nokogiri (>= 1.5.9)
    mail (2.7.0)	    mail (2.7.1)
      mini_mime (>= 0.1.1)	      mini_mime (>= 0.1.1)
    method_source (0.9.0)	    method_source (0.9.2)
    mini_mime (1.0.0)	    mini_mime (1.0.2)
    mini_portile2 (2.3.0)	    mini_portile2 (2.4.0)
    minitest (5.10.3)	    minitest (5.13.0)
    multi_json (1.12.2)	    multi_json (1.14.1)
    nokogiri (1.8.1)	    nokogiri (1.10.4)
      mini_portile2 (~> 2.3.0)	      mini_portile2 (~> 2.4.0)
    pry (0.11.3)	    pry (0.12.2)
      coderay (~> 1.1.0)	      coderay (~> 1.1.0)
      method_source (~> 0.9.0)	      method_source (~> 0.9.0)
    public_suffix (3.0.1)	    public_suffix (4.0.1)
    rack (1.6.8)	    rack (1.6.11)
    rack-test (0.6.3)	    rack-test (0.6.3)
      rack (>= 1.0)	      rack (>= 1.0)
    rack_session_access (0.1.1)	    rack_session_access (0.2.0)
      builder (>= 2.0.0)	      builder (>= 2.0.0)
      rack (>= 1.0.0)	      rack (>= 1.0.0)
    rails (4.2.7.1)	    rails (4.2.11.1)
      actionmailer (= 4.2.7.1)	      actionmailer (= 4.2.11.1)
      actionpack (= 4.2.7.1)	      actionpack (= 4.2.11.1)
      actionview (= 4.2.7.1)	      actionview (= 4.2.11.1)
      activejob (= 4.2.7.1)	      activejob (= 4.2.11.1)
      activemodel (= 4.2.7.1)	      activemodel (= 4.2.11.1)
      activerecord (= 4.2.7.1)	      activerecord (= 4.2.11.1)
      activesupport (= 4.2.7.1)	      activesupport (= 4.2.11.1)
      bundler (>= 1.3.0, < 2.0)	      bundler (>= 1.3.0, < 2.0)
      railties (= 4.2.7.1)	      railties (= 4.2.11.1)
      sprockets-rails	      sprockets-rails
    rails-deprecated_sanitizer (1.0.3)	    rails-deprecated_sanitizer (1.0.3)
      activesupport (>= 4.2.0.alpha)	      activesupport (>= 4.2.0.alpha)
    rails-dom-testing (1.0.8)	    rails-dom-testing (1.0.9)
      activesupport (>= 4.2.0.beta, < 5.0)	      activesupport (>= 4.2.0, < 5.0)
      nokogiri (~> 1.6)	      nokogiri (~> 1.6)
      rails-deprecated_sanitizer (>= 1.0.1)	      rails-deprecated_sanitizer (>= 1.0.1)
    rails-html-sanitizer (1.0.3)	    rails-html-sanitizer (1.3.0)
      loofah (~> 2.0)	      loofah (~> 2.3)
    railties (4.2.7.1)	    railties (4.2.11.1)
      actionpack (= 4.2.7.1)	      actionpack (= 4.2.11.1)
      activesupport (= 4.2.7.1)	      activesupport (= 4.2.11.1)
      rake (>= 0.8.7)	      rake (>= 0.8.7)
      thor (>= 0.18.1, < 2.0)	      thor (>= 0.18.1, < 2.0)
    rake (12.3.0)	    rake (13.0.0)
    rdoc (4.3.0)	    rdoc (4.3.0)
    rspec-core (3.7.0)	    regexp_parser (1.6.0)
      rspec-support (~> 3.7.0)	    rspec-core (3.9.0)
    rspec-expectations (3.7.0)	      rspec-support (~> 3.9.0)
    rspec-expectations (3.9.0)
      diff-lcs (>= 1.2.0, < 2.0)	      diff-lcs (>= 1.2.0, < 2.0)
      rspec-support (~> 3.7.0)	      rspec-support (~> 3.9.0)
    rspec-mocks (3.7.0)	    rspec-mocks (3.9.0)
      diff-lcs (>= 1.2.0, < 2.0)	      diff-lcs (>= 1.2.0, < 2.0)
      rspec-support (~> 3.7.0)	      rspec-support (~> 3.9.0)
    rspec-rails (3.7.2)	    rspec-rails (3.9.0)
      actionpack (>= 3.0)	      actionpack (>= 3.0)
      activesupport (>= 3.0)	      activesupport (>= 3.0)
      railties (>= 3.0)	      railties (>= 3.0)
      rspec-core (~> 3.7.0)	      rspec-core (~> 3.9.0)
      rspec-expectations (~> 3.7.0)	      rspec-expectations (~> 3.9.0)
      rspec-mocks (~> 3.7.0)	      rspec-mocks (~> 3.9.0)
      rspec-support (~> 3.7.0)	      rspec-support (~> 3.9.0)
    rspec-support (3.7.0)	    rspec-support (3.9.0)
    rubyzip (1.2.1)	    rubyzip (2.0.0)
    sass (3.2.19)	    sass (3.2.19)
    sass-rails (4.0.2)	    sass-rails (4.0.2)
      railties (>= 4.0.0, < 5.0)	      railties (>= 4.0.0, < 5.0)
@@ -161,16 +159,15 @@ GEM
    sdoc (0.4.2)	    sdoc (0.4.2)
      json (~> 1.7, >= 1.7.7)	      json (~> 1.7, >= 1.7.7)
      rdoc (~> 4.0)	      rdoc (~> 4.0)
    selenium-webdriver (3.8.0)	    selenium-webdriver (3.142.6)
      childprocess (~> 0.5)	      childprocess (>= 0.5, < 4.0)
      rubyzip (~> 1.0)	      rubyzip (>= 1.2.2)
    simplecov (0.15.1)	    simplecov (0.17.1)
      docile (~> 1.1.0)	      docile (~> 1.1)
      json (>= 1.8, < 3)	      json (>= 1.8, < 3)
      simplecov-html (~> 0.10.0)	      simplecov-html (~> 0.10.0)
    simplecov-html (0.10.2)	    simplecov-html (0.10.2)
    spring (2.0.2)	    spring (2.1.0)
      activesupport (>= 4.2)	
    sprockets (2.11.0)	    sprockets (2.11.0)
      hike (~> 1.2)	      hike (~> 1.2)
      multi_json (~> 1.0)	      multi_json (~> 1.0)
@@ -183,15 +180,15 @@ GEM
    sprockets_better_errors (0.0.4)	    sprockets_better_errors (0.0.4)
      sprockets-rails (>= 1.0.0)	      sprockets-rails (>= 1.0.0)
    sqlite3 (1.3.13)	    sqlite3 (1.3.13)
    thor (0.20.0)	    thor (0.20.3)
    thread_safe (0.3.6)	    thread_safe (0.3.6)
    tilt (1.4.1)	    tilt (1.4.1)
    tzinfo (1.2.4)	    tzinfo (1.2.5)
      thread_safe (~> 0.1)	      thread_safe (~> 0.1)
    uglifier (4.0.2)	    uglifier (4.2.0)
      execjs (>= 0.3.0, < 3)	      execjs (>= 0.3.0, < 3)
    xpath (2.1.0)	    xpath (3.2.0)
      nokogiri (~> 1.3)	      nokogiri (~> 1.8)


PLATFORMS	PLATFORMS
  ruby	  ruby
@@ -206,16 +203,16 @@ DEPENDENCIES
  jquery-rails	  jquery-rails
  pry	  pry
  rack_session_access	  rack_session_access
  rails (= 4.2.7.1)	  rails
  rspec-rails	  rspec-rails
  sass-rails (= 4.0.2)	  sass-rails (= 4.0.2)
  sdoc (~> 0.4.0)	  sdoc (~> 0.4.0)
  selenium-webdriver	  selenium-webdriver
  simplecov	  simplecov
  spring	  spring
  sprockets_better_errors	  sprockets_better_errors
  sqlite3	  sqlite3 (~> 1.3.6)
  uglifier (>= 1.3.0)	  uglifier (>= 1.3.0)


BUNDLED WITH	BUNDLED WITH
   1.14.6	   1.17.3